GEM
  remote: https://rubygems.org/
  specs:
    ansi (1.4.3)
    builder (3.2.2)
    mini_portile (0.6.0)
    minitest (5.4.2)
    minitest-reporters (1.0.5)
      ansi
      builder
      minitest (>= 5.0)
      ruby-progressbar
    nokogiri (1.6.3.1)
      mini_portile (= 0.6.0)
    progressbar (0.21.0)
    rake (10.1.0)
    ruby-progressbar (1.6.0)

PLATFORMS
  ruby

DEPENDENCIES
  minitest (~> 5.4)
  minitest-reporters (~> 1.0)
  nokogiri
  progressbar (~> 0.21)
  rake
